PATH
  remote: .
  specs:
    dohtest (0.1.43)
      dohroot (>= 0.1.6)
      term-ansicolor (>= 1.0.7)

GEM
  remote: https://rubygems.org/
  specs:
    dohroot (0.1.6)
    minitest (5.7.0)
    rake (10.4.2)
    term-ansicolor (1.3.2)
      tins (~> 1.0)
    tins (1.7.0)

PLATFORMS
  ruby

DEPENDENCIES
  dohtest!
  minitest
  rake

BUNDLED WITH
   1.10.6
