GEM
  remote: https://rubygems.org/
  specs:
    dohroot (0.1.1)
    term-ansicolor (1.1.4)

PLATFORMS
  ruby

DEPENDENCIES
  dohtest!
