PATH
  remote: .
  specs:
    dohtest (0.1.44)
      dohroot (~> 0.1)
      term-ansicolor (~> 1)

GEM
  remote: https://rubygems.org/
  specs:
    dohroot (0.1.6)
    minitest (5.7.0)
    rake (10.4.2)
    term-ansicolor (1.3.2)
      tins (~> 1.0)
    tins (1.8.2)

PLATFORMS
  ruby

DEPENDENCIES
  dohroot
  dohtest!
  minitest
  rake

BUNDLED WITH
   1.10.6
